GEM
  remote: http://gemcutter.org/
  specs:
    inifile (3.0.0)
    mini_portile (0.6.2)
    nokogiri (1.6.6.2)
      mini_portile (~> 0.6.0)
    tess_uploader (0.0.1)

PLATFORMS
  ruby

DEPENDENCIES
  inifile
  nokogiri
  tess_uploader
